GEM
  remote: https://rubygems.org/
  specs:
    puma (3.8.2)
    rack (2.0.3)
    sqlite3 (1.3.13)
    tilt (2.0.7)

PLATFORMS
  ruby

DEPENDENCIES
  puma
  rack
  sqlite3
  tilt

BUNDLED WITH
   1.13.7
