GEM
  remote: https://rubygems.org/
  specs:
    ast (2.3.0)
    brakeman (3.6.2)
    parallel (1.11.2)
    parser (2.4.0.0)
      ast (~> 2.2)
    pg (0.19.0)
    powerpack (0.1.1)
    puma (3.8.2)
    rack (2.0.3)
    rack-attack (5.0.1)
      rack
    rainbow (2.2.2)
      rake
    rake (12.0.0)
    rubocop (0.49.1)
      parallel (~> 1.10)
      parser (>= 2.3.3.1, < 3.0)
      powerpack (~> 0.1)
      rainbow (>= 1.99.1, < 3.0)
      ruby-progressbar (~> 1.7)
      unicode-display_width (~> 1.0, >= 1.0.1)
    ruby-progressbar (1.8.1)
    tilt (2.0.7)
    unicode-display_width (1.2.1)

PLATFORMS
  ruby

DEPENDENCIES
  brakeman
  pg
  puma
  rack
  rack-attack
  rubocop (~> 0.49.1)
  tilt

BUNDLED WITH
   1.13.7
