GEM
  remote: https://rubygems.org/
  specs:
    pg (0.19.0)
    puma (3.8.2)
    rack (2.0.3)
    tilt (2.0.7)

PLATFORMS
  ruby

DEPENDENCIES
  pg
  puma
  rack
  tilt

BUNDLED WITH
   1.13.7
